GEM
  remote: http://rubygems.org/
  specs:
    builder (3.0.0)
    cucumber (1.1.9)
      builder (>= 2.1.2)
      diff-lcs (>= 1.1.2)
      gherkin (~> 2.9.0)
      json (>= 1.4.6)
      term-ansicolor (>= 1.0.6)
    cucumber-puppet (0.3.7)
      cucumber
      gem-man
      templater
    diff-lcs (1.1.3)
    extlib (0.9.15)
    facter (1.6.10)
    gem-man (0.3.0)
    gherkin (2.9.3)
      json (>= 1.4.6)
    gherkin (2.9.3-x86-mingw32)
      json (>= 1.4.6)
    highline (1.6.11)
    json (1.6.6)
    nokogiri (1.4.4.1-x86-mingw32)
    puppet (2.7.18)
      facter (~> 1.5)
    puppet-lint (0.1.13)
    rake (0.9.2.2)
    rspec (2.9.0)
      rspec-core (~> 2.9.0)
      rspec-expectations (~> 2.9.0)
      rspec-mocks (~> 2.9.0)
    rspec-core (2.9.0)
    rspec-expectations (2.9.1)
      diff-lcs (~> 1.1.3)
    rspec-mocks (2.9.0)
    rspec-puppet (0.1.3)
      rspec
    sys-admin (1.5.6)
    sys-admin (1.5.6-x86-mingw32)
      win32-security (>= 0.1.2)
    templater (1.0.0)
      diff-lcs (>= 1.1.2)
      extlib (>= 0.9.5)
      highline (>= 1.4.0)
    term-ansicolor (1.0.7)
    win32-api (1.4.8-x86-mingw32)
    win32-dir (0.3.7)
      windows-pr (>= 1.0.9)
    win32-process (0.6.5)
      windows-pr (>= 1.1.2)
    win32-security (0.1.2)
      windows-pr (>= 0.9.8)
    win32-service (0.7.2-x86-mingw32)
      windows-pr (>= 1.0.8)
    win32-taskscheduler (0.2.2)
    windows-api (0.4.1)
      win32-api (>= 1.4.5)
    windows-pr (1.2.1)
      win32-api (>= 1.4.5)
      windows-api (>= 0.3.0)

PLATFORMS
  ruby
  x86-mingw32

DEPENDENCIES
  cucumber-puppet
  nokogiri
  puppet
  puppet-lint
  rake
  rspec-puppet
  sys-admin
  win32-dir
  win32-process
  win32-service
  win32-taskscheduler
